GEM
  remote: https://rubygems.org/
  specs:
    activesupport (7.0.3.1)
      concurrent-ruby (~> 1.0, >= 1.0.2)
      i18n (>= 1.6, < 2)
      minitest (>= 5.1)
      tzinfo (~> 2.0)
    concurrent-ruby (1.1.10)
    i18n (1.12.0)
      concurrent-ruby (~> 1.0)
    minitest (5.16.2)
    rabl (0.14.2)
      activesupport (>= 2.3.14)
    rack (1.6.12)
    rack-protection (1.5.5)
      rack
    rake (10.5.0)
    sequel (4.49.0)
    sinatra (1.4.8)
      rack (~> 1.5)
      rack-protection (~> 1.4)
      tilt (>= 1.3, < 3)
    sqlite3 (1.4.2)
    tilt (2.0.10)
    tzinfo (2.0.5)
      concurrent-ruby (~> 1.0)

PLATFORMS
  ruby

DEPENDENCIES
  rabl (~> 0.10)
  rake (~> 10.3)
  sequel (~> 4.13)
  sinatra (~> 1.4)
  sqlite3 (~> 1.3)

BUNDLED WITH
   2.0.2
