GEM
  remote: https://rubygems.org/
  specs:
    activesupport (6.0.2.1)
      concurrent-ruby (~> 1.0, >= 1.0.2)
      i18n (>= 0.7, < 2)
      minitest (~> 5.1)
      tzinfo (~> 1.1)
      zeitwerk (~> 2.2)
    concurrent-ruby (1.1.5)
    i18n (1.8.1)
      concurrent-ruby (~> 1.0)
    minitest (5.14.0)
    mustermann (1.1.1)
      ruby2_keywords (~> 0.0.1)
    rabl (0.14.2)
      activesupport (>= 2.3.14)
    rack (2.2.3)
    rack-protection (2.2.0)
      rack
    rake (10.5.0)
    ruby2_keywords (0.0.5)
    sequel (4.49.0)
    sinatra (2.2.0)
      mustermann (~> 1.0)
      rack (~> 2.2)
      rack-protection (= 2.2.0)
      tilt (~> 2.0)
    sqlite3 (1.4.2)
    thread_safe (0.3.6)
    tilt (2.0.10)
    tzinfo (1.2.6)
      thread_safe (~> 0.1)
    zeitwerk (2.2.2)

PLATFORMS
  ruby

DEPENDENCIES
  rabl (~> 0.10)
  rake (~> 10.3)
  sequel (~> 4.13)
  sinatra (~> 2.2)
  sqlite3 (~> 1.3)

BUNDLED WITH
   2.0.2
